GEM
  remote: http://rubygems.org/
  specs:
    CFPropertyList (2.2.8)
    aws-sdk (1.55.0)
      aws-sdk-v1 (= 1.55.0)
    aws-sdk-core (2.0.29)
      builder (~> 3.0)
      jmespath (~> 1.0)
      multi_json (~> 1.0)
      multi_xml (~> 0.5)
    aws-sdk-resources (2.0.29)
      aws-sdk-core (= 2.0.29)
    aws-sdk-v1 (1.55.0)
      json (~> 1.4)
      nokogiri (>= 1.4.4)
    builder (3.2.2)
    colored (1.2)
    cri (2.6.1)
      colored (~> 1.2)
    deep_merge (1.0.1)
    diff-lcs (1.2.5)
    excon (0.45.4)
    facter (2.4.4)
      CFPropertyList (~> 2.2.6)
    faraday (0.8.11)
      multipart-post (~> 1.2.0)
    faraday_middleware (0.9.2)
      faraday (>= 0.7.4, < 0.10)
    faraday_middleware-multi_json (0.0.6)
      faraday_middleware
      multi_json
    fission (0.5.0)
      CFPropertyList (~> 2.2)
    fog (1.28.0)
      fog-atmos
      fog-aws (~> 0.0)
      fog-brightbox (~> 0.4)
      fog-core (~> 1.27, >= 1.27.3)
      fog-ecloud
      fog-json
      fog-profitbricks
      fog-radosgw (>= 0.0.2)
      fog-riakcs
      fog-sakuracloud (>= 0.0.4)
      fog-serverlove
      fog-softlayer
      fog-storm_on_demand
      fog-terremark
      fog-vmfusion
      fog-voxel
      fog-xml (~> 0.1.1)
      ipaddress (~> 0.5)
      nokogiri (~> 1.5, >= 1.5.11)
    fog-atmos (0.1.0)
      fog-core
      fog-xml
    fog-aws (0.7.6)
      fog-core (~> 1.27)
      fog-json (~> 1.0)
      fog-xml (~> 0.1)
      ipaddress (~> 0.8)
    fog-brightbox (0.9.0)
      fog-core (~> 1.22)
      fog-json
      inflecto (~> 0.0.2)
    fog-core (1.32.1)
      builder
      excon (~> 0.45)
      formatador (~> 0.2)
      mime-types
      net-scp (~> 1.1)
      net-ssh (>= 2.1.3)
    fog-ecloud (0.3.0)
      fog-core
      fog-xml
    fog-json (1.0.1)
      fog-core (~> 1.0)
      multi_json (~> 1.0)
    fog-profitbricks (0.0.5)
      fog-core
      fog-xml
      nokogiri
    fog-radosgw (0.0.4)
      fog-core (>= 1.21.0)
      fog-json
      fog-xml (>= 0.0.1)
    fog-riakcs (0.1.0)
      fog-core
      fog-json
      fog-xml
    fog-sakuracloud (1.3.3)
      fog-core
      fog-json
    fog-serverlove (0.1.2)
      fog-core
      fog-json
    fog-softlayer (1.0.0)
      fog-core
      fog-json
    fog-storm_on_demand (0.1.1)
      fog-core
      fog-json
    fog-terremark (0.1.0)
      fog-core
      fog-xml
    fog-vmfusion (0.1.0)
      fission
      fog-core
    fog-voxel (0.1.0)
      fog-core
      fog-xml
    fog-xml (0.1.2)
      fog-core
      nokogiri (~> 1.5, >= 1.5.11)
    formatador (0.2.5)
    gpgme (2.0.10)
      mini_portile (>= 0.5.0)
    hiera (3.0.1)
      json_pure
    hiera-eyaml (2.0.8)
      highline (~> 1.6.19)
      trollop (~> 2.0)
    highline (1.6.19)
    inflecto (0.0.2)
    ipaddress (0.8.0)
    jmespath (1.1.3)
    json (1.8.3)
    json_pure (1.8.3)
    kgio (2.10.0)
    log4r (1.1.10)
    mime-types (2.6.2)
    mini_portile (0.6.2)
    mixlib-cli (1.5.0)
    msgpack (0.6.2)
    multi_json (1.8.4)
    multi_xml (0.5.5)
    multipart-post (1.2.0)
    net-scp (1.2.1)
      net-ssh (>= 2.6.5)
    net-ssh (2.9.2)
    net-telnet (0.1.1)
    nokogiri (1.6.6.2)
      mini_portile (~> 0.6.0)
    puppet-lint (1.1.0)
    puppet-syntax (2.0.0)
      rake
    r10k (1.4.1)
      colored (= 1.2)
      cri (~> 2.6.1)
      faraday (~> 0.8.8)
      faraday_middleware (~> 0.9.0)
      faraday_middleware-multi_json (~> 0.0.5)
      json_pure (~> 1.8)
      log4r (= 1.1.10)
      multi_json (~> 1.8.2)
      systemu (~> 2.5.2)
    rack (1.6.4)
    raindrops (0.15.0)
    rake (10.4.2)
    retries (0.0.5)
    rgen (0.6.6)
    ruby-augeas (0.4.1)
    rspec (3.3.0)
      rspec-core (~> 3.3.0)
      rspec-expectations (~> 3.3.0)
      rspec-mocks (~> 3.3.0)
    rspec-core (3.3.2)
      rspec-support (~> 3.3.0)
    rspec-expectations (3.3.1)
      diff-lcs (>= 1.2.0, < 2.0)
      rspec-support (~> 3.3.0)
    rspec-its (1.2.0)
      rspec-core (>= 3.0.0)
      rspec-expectations (>= 3.0.0)
    rspec-mocks (3.3.2)
      diff-lcs (>= 1.2.0, < 2.0)
      rspec-support (~> 3.3.0)
    rspec-support (3.3.0)
    ruby-libvirt (0.4.0)
    ruby-shadow (2.2.0)
    sensu-plugin (1.2.0)
      json
      mixlib-cli (>= 1.1.0)
    serverspec (2.24.1)
      multi_json
      rspec (~> 3.0)
      rspec-its
      specinfra (~> 2.43)
    sfl (2.2)
    specinfra (2.44.1)
      net-scp
      net-ssh (~> 2.7)
      net-telnet
      sfl
    systemu (2.5.2)
    trollop (2.1.2)
    unf (0.1.3)
      unf_ext
    unf_ext (0.0.7.1)
    unicorn (4.9.0)
      kgio (~> 2.6)
      rack
      raindrops (~> 0.7)

PLATFORMS
  ruby

DEPENDENCIES
  aws-sdk (= 1.55.0)
  aws-sdk-resources (= 2.0.29)
  deep_merge (= 1.0.1)
  facter (= 2.4.4)
  fog (= 1.28.0)
  gpgme (= 2.0.10)
  hiera (= 3.0.1)
  hiera-eyaml (= 2.0.8)
  highline (= 1.6.19)
  json (= 1.8.3)
  msgpack (= 0.6.2)
  nokogiri (= 1.6.6.2)
  puppet-lint (~> 1.1.0)
  puppet-syntax (= 2.0.0)
  r10k (= 1.4.1)
  rack (= 1.6.4)
  retries (= 0.0.5)
  rgen (= 0.6.6)
  ruby-augeas (= 0.4.1)
  ruby-libvirt (= 0.4.0)
  ruby-shadow (= 2.2.0)
  sensu-plugin (= 1.2.0)
  serverspec (= 2.24.1)
  trollop (= 2.1.2)
  unf (= 0.1.3)
  unicorn (= 4.9.0)
